GEM
  remote: https://rubygems.org/
  specs:
    activemodel (7.0.3.1)
      activesupport (= 7.0.3.1)
    activerecord (7.0.3.1)
      activemodel (= 7.0.3.1)
      activesupport (= 7.0.3.1)
    activesupport (7.0.3.1)
      concurrent-ruby (~> 1.0, >= 1.0.2)
      i18n (>= 1.6, < 2)
      minitest (>= 5.1)
      tzinfo (~> 2.0)
    childprocess (4.1.0)
    concurrent-ruby (1.1.10)
    i18n (1.12.0)
      concurrent-ruby (~> 1.0)
    jsonpath (1.1.2)
      multi_json
    minitest (5.16.3)
    multi_json (1.15.0)
    mysql2 (0.5.4)
    rexml (3.2.5)
    rmagick (4.2.6)
    rubyzip (2.3.2)
    selenium-webdriver (4.4.0)
      childprocess (>= 0.5, < 5.0)
      rexml (~> 3.2, >= 3.2.5)
      rubyzip (>= 1.2.2, < 3.0)
      websocket (~> 1.0)
    tzinfo (2.0.5)
      concurrent-ruby (~> 1.0)
    websocket (1.2.9)

PLATFORMS
  x86_64-linux-musl

DEPENDENCIES
  activerecord
  jsonpath
  mysql2
  rmagick
  selenium-webdriver

BUNDLED WITH
   2.3.14
